GEM
  remote: https://rubygems.org/
  specs:
    colorize (0.8.1)
    httparty (0.18.1)
      mime-types (~> 3.0)
      multi_xml (>= 0.5.2)
    mime-types (3.3.1)
      mime-types-data (~> 3.2015)
    mime-types-data (3.2020.1104)
    multi_xml (0.6.0)
    require_all (1.5.0)

PLATFORMS
  x86_64-linux

DEPENDENCIES
  colorize
  httparty
  require_all (~> 1.0)

BUNDLED WITH
   2.2.4
